GEM
  remote: https://rubygems.org/
  specs:
    activesupport (4.2.5)
      i18n (~> 0.7)
      json (~> 1.7, >= 1.7.7)
      minitest (~> 5.1)
      thread_safe (~> 0.3, >= 0.3.4)
      tzinfo (~> 1.1)
    childprocess (0.5.8)
      ffi (~> 1.0, >= 1.0.11)
    ffi (1.9.10)
    i18n (0.7.0)
    json (1.8.3)
    lolize (0.0.3)
      paint (~> 0.8.3)
    minitest (5.8.3)
    multi_json (1.11.2)
    net (0.3.3)
      activesupport
    paint (0.8.7)
    psych (2.0.8)
    rake (10.4.2)
    rubyzip (1.1.7)
    selenium-webdriver (2.48.1)
      childprocess (~> 0.5)
      multi_json (~> 1.0)
      rubyzip (~> 1.0)
      websocket (~> 1.0)
    thread_safe (0.3.5)
    tzinfo (1.2.2)
      thread_safe (~> 0.1)
    websocket (1.2.2)
    yaml (4.2.2)

PLATFORMS
  ruby

DEPENDENCIES
  json
  lolize
  minitest
  net
  psych
  rake
  selenium-webdriver
  yaml

BUNDLED WITH
   1.11.2
